PATH
  remote: .
  specs:
    esa_archiver (0.1.0)
      date
      dotenv
      esa
      thor

GEM
  remote: https://rubygems.org/
  specs:
    activesupport (6.0.2)
      concurrent-ruby (~> 1.0, >= 1.0.2)
      i18n (>= 0.7, < 2)
      minitest (~> 5.1)
      tzinfo (~> 1.1)
      zeitwerk (~> 2.2)
    ast (2.4.0)
    coderay (1.1.2)
    concurrent-ruby (1.1.5)
    date (3.0.0)
    diff-lcs (1.3)
    dotenv (2.7.5)
    esa (1.14.0)
      faraday (~> 0.9)
      faraday_middleware
      mime-types (>= 2.6)
      multi_xml (>= 0.5.5)
    factory_bot (5.1.1)
      activesupport (>= 4.2.0)
    faraday (0.17.1)
      multipart-post (>= 1.2, < 3)
    faraday_middleware (0.13.1)
      faraday (>= 0.7.4, < 1.0)
    i18n (1.7.0)
      concurrent-ruby (~> 1.0)
    jaro_winkler (1.5.4)
    method_source (0.9.2)
    mime-types (3.3)
      mime-types-data (~> 3.2015)
    mime-types-data (3.2019.1009)
    minitest (5.13.0)
    multi_xml (0.6.0)
    multipart-post (2.1.1)
    parallel (1.19.1)
    parser (2.6.5.0)
      ast (~> 2.4.0)
    pry (0.12.2)
      coderay (~> 1.1.0)
      method_source (~> 0.9.0)
    rainbow (3.0.0)
    rake (13.0.1)
    rspec (3.9.0)
      rspec-core (~> 3.9.0)
      rspec-expectations (~> 3.9.0)
      rspec-mocks (~> 3.9.0)
    rspec-core (3.9.0)
      rspec-support (~> 3.9.0)
    rspec-expectations (3.9.0)
      diff-lcs (>= 1.2.0, < 2.0)
      rspec-support (~> 3.9.0)
    rspec-mocks (3.9.0)
      diff-lcs (>= 1.2.0, < 2.0)
      rspec-support (~> 3.9.0)
    rspec-support (3.9.0)
    rubocop (0.78.0)
      jaro_winkler (~> 1.5.1)
      parallel (~> 1.10)
      parser (>= 2.6)
      rainbow (>= 2.2.2, < 4.0)
      ruby-progressbar (~> 1.7)
      unicode-display_width (>= 1.4.0, < 1.7)
    ruby-progressbar (1.10.1)
    thor (1.0.1)
    thread_safe (0.3.6)
    tzinfo (1.2.5)
      thread_safe (~> 0.1)
    unicode-display_width (1.6.0)
    zeitwerk (2.2.2)

PLATFORMS
  ruby

DEPENDENCIES
  esa_archiver!
  factory_bot
  pry
  rake (~> 13.0)
  rspec (~> 3.0)
  rubocop

BUNDLED WITH
   2.0.2
